GEM
  remote: https://rubygems.org/
  specs:
    actionmailer (2.3.15)
      actionpack (= 2.3.15)
    actionpack (2.3.15)
      activesupport (= 2.3.15)
      rack (~> 1.1.3)
    activemerchant (1.7.0)
      activesupport (~> 2.3.2)
      braintree (>= 2.0.0)
      builder (>= 2.0.0)
    activerecord (2.3.15)
      activesupport (= 2.3.15)
    activerecord-tableless (0.1.0)
      activerecord
    activeresource (2.3.15)
      activesupport (= 2.3.15)
    activesupport (2.3.15)
    authlogic (2.1.3)
      activesupport
    authlogic-oid (1.0.4)
      authlogic
    braintree (2.22.0)
      builder (>= 2.0.0)
    builder (3.1.4)
    chronic (0.2.3)
      hoe (>= 1.2.1)
    faker (0.3.1)
    highline (1.5.1)
    hoe (3.4.0)
      rake (>= 0.8, < 11.0)
    less (1.2.20)
      mutter (>= 0.4.2)
      treetop (>= 1.4.2)
    mutter (0.5.3)
    mysql (2.9.0)
    paperclip (2.3.1.1)
    polyglot (0.3.3)
    rack (1.1.5)
    rails (2.3.15)
      actionmailer (= 2.3.15)
      actionpack (= 2.3.15)
      activerecord (= 2.3.15)
      activeresource (= 2.3.15)
      activesupport (= 2.3.15)
      rake (>= 0.8.3)
    rake (10.0.3)
    ruby-openid (2.0.4)
    searchlogic (2.3.5)
      activerecord (>= 2.0.0)
    state_machine (0.9.2)
    stringex (1.0.3)
    treetop (1.4.12)
      polyglot
      polyglot (>= 0.3.1)
    whenever (0.3.7)
      chronic (>= 0.2.3)
    will_paginate (2.3.14)

PLATFORMS
  ruby

DEPENDENCIES
  activemerchant (= 1.7.0)
  activerecord-tableless (= 0.1.0)
  authlogic (= 2.1.3)
  authlogic-oid (= 1.0.4)
  chronic (= 0.2.3)
  faker (= 0.3.1)
  highline (= 1.5.1)
  less (= 1.2.20)
  mysql
  paperclip (= 2.3.1.1)
  rails (= 2.3.15)
  ruby-openid (= 2.0.4)
  searchlogic (= 2.3.5)
  state_machine (= 0.9.2)
  stringex (= 1.0.3)
  whenever (= 0.3.7)
  will_paginate (= 2.3.14)
